GEM
  remote: http://rubygems.org/
  specs:
    bond (0.4.1)
    escape_utils (0.2.3)
    rack (1.3.0)
    ripl (0.4.2)
      bond (~> 0.4.0)
    sinatra (1.2.6)
      rack (~> 1.1)
      tilt (>= 1.2.2, < 2.0)
    tilt (1.3.2)

PLATFORMS
  ruby

DEPENDENCIES
  escape_utils
  ripl
  sinatra
